GEM
  remote: https://rubygems.org/
  specs:
    ox (2.8.2)

PLATFORMS
  ruby

DEPENDENCIES
  ox (~> 2.8.2)

RUBY VERSION
   ruby 2.4.2p198

BUNDLED WITH
   1.16.0
